GEM
  remote: https://rubygems.org/
  specs:
    TimezoneParser (0.3.2)
      insensitive_hash
      tzinfo
    addressable (2.5.2)
      public_suffix (>= 2.0.2, < 4.0)
    byebug (10.0.2)
    coderay (1.1.2)
    dotenv (2.4.0)
    faraday (0.15.0)
      multipart-post (>= 1.2, < 3)
    google_calendar (0.6.4)
      TimezoneParser (~> 0.3.0)
      json (>= 1.8.3)
      signet (~> 0.7)
    httparty (0.16.2)
      multi_xml (>= 0.5.2)
    insensitive_hash (0.3.3)
    json (2.1.0)
    jwt (2.1.0)
    method_source (0.9.0)
    multi_json (1.13.1)
    multi_xml (0.6.0)
    multipart-post (2.0.0)
    org-ruby (0.9.12)
      rubypants (~> 0.2)
    pry (0.11.3)
      coderay (~> 1.1.0)
      method_source (~> 0.9.0)
    pry-byebug (3.6.0)
      byebug (~> 10.0)
      pry (~> 0.10)
    public_suffix (3.0.2)
    rubypants (0.7.0)
    signet (0.8.1)
      addressable (~> 2.3)
      faraday (~> 0.9)
      jwt (>= 1.5, < 3.0)
      multi_json (~> 1.10)
    thread_safe (0.3.6)
    tzinfo (1.2.5)
      thread_safe (~> 0.1)

PLATFORMS
  ruby

DEPENDENCIES
  byebug
  dotenv
  google_calendar
  httparty
  json
  org-ruby
  pry
  pry-byebug

BUNDLED WITH
   1.16.1
